GEM
  remote: https://rubygems.org/
  specs:
    fileutils (1.7.3)
    json (2.9.1)
    yaml (0.3.0)

PLATFORMS
  ruby
  x86_64-linux

DEPENDENCIES
  fileutils
  json
  yaml

RUBY VERSION
   ruby 3.3.7p123

BUNDLED WITH
   2.5.22
